GEM
  remote: https://rubygems.org/
  specs:
    colorize (0.7.3)
    diff-lcs (1.2.5)
    docile (1.1.5)
    hirb (0.7.2)
    multi_json (1.10.1)
    rspec (3.0.0)
      rspec-core (~> 3.0.0)
      rspec-expectations (~> 3.0.0)
      rspec-mocks (~> 3.0.0)
    rspec-core (3.0.4)
      rspec-support (~> 3.0.0)
    rspec-expectations (3.0.4)
      diff-lcs (>= 1.2.0, < 2.0)
      rspec-support (~> 3.0.0)
    rspec-mocks (3.0.4)
      rspec-support (~> 3.0.0)
    rspec-support (3.0.4)
    simplecov (0.9.0)
      docile (~> 1.1.0)
      multi_json
      simplecov-html (~> 0.8.0)
    simplecov-console (0.1.3)
      colorize
      hirb
      simplecov
    simplecov-html (0.8.0)

PLATFORMS
  ruby

DEPENDENCIES
  rspec
  simplecov
  simplecov-console
